GEM
  remote: https://rubygems.org/
  specs:
    actionpack (8.1.0)
      actionview (= 8.1.0)
      activesupport (= 8.1.0)
      nokogiri (>= 1.8.5)
      rack (>= 2.2.4)
      rack-session (>= 1.0.1)
      rack-test (>= 0.6.3)
      rails-dom-testing (~> 2.2)
      rails-html-sanitizer (~> 1.6)
      useragent (~> 0.16)
    actionview (8.1.0)
      activesupport (= 8.1.0)
      builder (~> 3.1)
      erubi (~> 1.11)
      rails-dom-testing (~> 2.2)
      rails-html-sanitizer (~> 1.6)
    activesupport (8.1.0)
      base64
      bigdecimal
      concurrent-ruby (~> 1.0, >= 1.3.1)
      connection_pool (>= 2.2.5)
      drb
      i18n (>= 1.6, < 2)
      json
      logger (>= 1.4.2)
      minitest (>= 5.1)
      securerandom (>= 0.3)
      tzinfo (~> 2.0, >= 2.0.5)
      uri (>= 0.13.1)
    ast (2.4.3)
    async (2.34.0)
      console (~> 1.29)
      fiber-annotation
      io-event (~> 1.11)
      metrics (~> 0.12)
      traces (~> 0.18)
    async-container (0.27.7)
      async (~> 2.22)
    async-container-supervisor (0.8.0)
      async-service
      io-endpoint
      memory (~> 0.7)
      memory-leak (~> 0.5)
      process-metrics
    async-http (0.92.1)
      async (>= 2.10.2)
      async-pool (~> 0.11)
      io-endpoint (~> 0.14)
      io-stream (~> 0.6)
      metrics (~> 0.12)
      protocol-http (~> 0.49)
      protocol-http1 (~> 0.30)
      protocol-http2 (~> 0.22)
      protocol-url (~> 0.2)
      traces (~> 0.10)
    async-http-cache (0.4.6)
      async-http (~> 0.56)
    async-pool (0.11.0)
      async (>= 2.0)
    async-safe (0.4.1)
    async-service (0.14.4)
      async
      async-container (~> 0.16)
      string-format (~> 0.2)
    bake (0.24.1)
      bigdecimal
      samovar (~> 2.1)
    base64 (0.3.0)
    bigdecimal (3.3.1)
    builder (3.3.0)
    concurrent-ruby (1.3.5)
    connection_pool (2.5.4)
    console (1.34.2)
      fiber-annotation
      fiber-local (~> 1.1)
      json
    crass (1.0.6)
    date (3.4.1)
    drb (2.2.3)
    erb (5.1.3)
    erubi (1.13.1)
    falcon (0.52.4)
      async
      async-container (~> 0.20)
      async-container-supervisor (~> 0.6)
      async-http (~> 0.75)
      async-http-cache (~> 0.4)
      async-service (~> 0.10)
      bundler
      localhost (~> 1.1)
      openssl (~> 3.0)
      protocol-http (~> 0.31)
      protocol-rack (~> 0.7)
      samovar (~> 2.3)
    ffi (1.17.2)
    ffi (1.17.2-arm64-darwin)
    fiber-annotation (0.2.0)
    fiber-local (1.1.0)
      fiber-storage
    fiber-storage (1.0.1)
    i18n (1.14.7)
      concurrent-ruby (~> 1.0)
    io-console (0.8.1)
    io-endpoint (0.15.2)
    io-event (1.14.0)
    io-stream (0.11.0)
    irb (1.15.2)
      pp (>= 0.6.0)
      rdoc (>= 4.0.0)
      reline (>= 0.4.2)
    json (2.15.2)
    language_server-protocol (3.17.0.5)
    lint_roller (1.1.0)
    listen (3.9.0)
      rb-fsevent (~> 0.10, >= 0.10.3)
      rb-inotify (~> 0.9, >= 0.9.10)
    localhost (1.6.0)
    logger (1.7.0)
    loofah (2.24.1)
      crass (~> 1.0.2)
      nokogiri (>= 1.12.0)
    mapping (1.1.3)
    memory (0.7.1)
      bake (~> 0.15)
      console
      msgpack
    memory-leak (0.7.0)
    metrics (0.15.0)
    minitest (5.26.0)
    msgpack (1.8.0)
    multi_json (1.17.0)
    mustermann (3.0.4)
      ruby2_keywords (~> 0.0.1)
    nokogiri (1.18.10-arm64-darwin)
      racc (~> 1.4)
    openssl (3.3.2)
    parallel (1.27.0)
    parser (3.3.10.0)
      ast (~> 2.4.1)
      racc
    phlex (2.3.1)
      zeitwerk (~> 2.7)
    phlex-rails (2.3.1)
      phlex (~> 2.3.0)
      railties (>= 7.1, < 9)
      zeitwerk (~> 2.7)
    pp (0.6.3)
      prettyprint
    prettyprint (0.2.0)
    prism (1.6.0)
    process-metrics (0.6.0)
      console (~> 1.8)
      json (~> 2)
      samovar (~> 2.1)
    protocol-hpack (1.5.1)
    protocol-http (0.55.0)
    protocol-http1 (0.35.2)
      protocol-http (~> 0.22)
    protocol-http2 (0.23.0)
      protocol-hpack (~> 1.4)
      protocol-http (~> 0.47)
    protocol-rack (0.16.0)
      io-stream (>= 0.10)
      protocol-http (~> 0.43)
      rack (>= 1.0)
    protocol-url (0.4.0)
    psych (5.2.6)
      date
      stringio
    racc (1.8.1)
    rack (3.2.3)
    rack-protection (4.2.1)
      base64 (>= 0.1.0)
      logger (>= 1.6.0)
      rack (>= 3.0.0, < 4)
    rack-session (2.1.1)
      base64 (>= 0.1.0)
      rack (>= 3.0.0)
    rack-test (2.2.0)
      rack (>= 1.3)
    rackup (2.2.1)
      rack (>= 3)
    rails-dom-testing (2.3.0)
      activesupport (>= 5.0.0)
      minitest
      nokogiri (>= 1.6)
    rails-html-sanitizer (1.6.2)
      loofah (~> 2.21)
      nokogiri (>= 1.15.7, != 1.16.7, != 1.16.6, != 1.16.5, != 1.16.4, != 1.16.3, != 1.16.2, != 1.16.1, != 1.16.0.rc1, != 1.16.0)
    railties (8.1.0)
      actionpack (= 8.1.0)
      activesupport (= 8.1.0)
      irb (~> 1.13)
      rackup (>= 1.0.0)
      rake (>= 12.2)
      thor (~> 1.0, >= 1.2.2)
      tsort (>= 0.2)
      zeitwerk (~> 2.6)
    rainbow (3.1.1)
    rake (13.3.0)
    rb-fsevent (0.11.2)
    rb-inotify (0.11.1)
      ffi (~> 1.0)
    rdoc (6.15.0)
      erb
      psych (>= 4.0.0)
      tsort
    regexp_parser (2.11.3)
    reline (0.6.2)
      io-console (~> 0.5)
    rubocop (1.81.6)
      json (~> 2.3)
      language_server-protocol (~> 3.17.0.2)
      lint_roller (~> 1.1.0)
      parallel (~> 1.10)
      parser (>= 3.3.0.2)
      rainbow (>= 2.2.2, < 4.0)
      regexp_parser (>= 2.9.3, < 3.0)
      rubocop-ast (>= 1.47.1, < 2.0)
      ruby-progressbar (~> 1.7)
      unicode-display_width (>= 2.4.0, < 4.0)
    rubocop-ast (1.47.1)
      parser (>= 3.3.7.2)
      prism (~> 1.4)
    rubocop-shopify (2.17.1)
      rubocop (~> 1.62)
    ruby-progressbar (1.13.0)
    ruby2_keywords (0.0.5)
    samovar (2.4.1)
      console (~> 1.0)
      mapping (~> 1.0)
    securerandom (0.4.1)
    sinatra (4.2.1)
      logger (>= 1.6.0)
      mustermann (~> 3.0)
      rack (>= 3.0.0, < 4)
      rack-protection (= 4.2.1)
      rack-session (>= 2.0.0, < 3)
      tilt (~> 2.0)
    sinatra-contrib (4.2.1)
      multi_json (>= 0.0.2)
      mustermann (~> 3.0)
      rack-protection (= 4.2.1)
      sinatra (= 4.2.1)
      tilt (~> 2.0)
    string-format (0.2.0)
    stringio (3.1.7)
    thor (1.4.0)
    tilt (2.6.1)
    traces (0.18.2)
    tsort (0.2.0)
    tzinfo (2.0.6)
      concurrent-ruby (~> 1.0)
    unicode-display_width (3.2.0)
      unicode-emoji (~> 4.1)
    unicode-emoji (4.1.0)
    uri (1.0.4)
    useragent (0.16.11)
    zeitwerk (2.7.3)

PLATFORMS
  arm64-darwin-24

DEPENDENCIES
  actionview
  activesupport
  async-safe
  console
  falcon
  json
  listen
  phlex-rails
  rubocop
  rubocop-shopify
  sinatra
  sinatra-contrib
  zeitwerk

BUNDLED WITH
   2.6.9
